PATH
  remote: .
  specs:
    handlebars (0.0.1)
      therubyracer (0.9.0)

GEM
  remote: http://rubygems.org/
  specs:
    diff-lcs (1.1.2)
    rspec (2.0.1)
      rspec-core (~> 2.0.1)
      rspec-expectations (~> 2.0.1)
      rspec-mocks (~> 2.0.1)
    rspec-core (2.0.1)
    rspec-expectations (2.0.1)
      diff-lcs (>= 1.1.2)
    rspec-mocks (2.0.1)
      rspec-core (~> 2.0.1)
      rspec-expectations (~> 2.0.1)
    therubyracer (0.9.0)

PLATFORMS
  ruby

DEPENDENCIES
  handlebars!
  rspec (>= 2.0.0)
  therubyracer (~> 0.8.0.pre2)
