PATH
  remote: .
  specs:
    handlebars (0.0.2)
      json_pure (~> 1.7.4)
      multi_json
      therubyrhino

GEM
  remote: http://rubygems.org/
  specs:
    diff-lcs (1.1.2)
    json_pure (1.7.4)
    multi_json (1.3.6)
    rspec (2.0.1)
      rspec-core (~> 2.0.1)
      rspec-expectations (~> 2.0.1)
      rspec-mocks (~> 2.0.1)
    rspec-core (2.0.1)
    rspec-expectations (2.0.1)
      diff-lcs (>= 1.1.2)
    rspec-mocks (2.0.1)
      rspec-core (~> 2.0.1)
      rspec-expectations (~> 2.0.1)
    therubyrhino (2.0.0)
      therubyrhino_jar (>= 1.7.3)
    therubyrhino_jar (1.7.4)

PLATFORMS
  java
  ruby

DEPENDENCIES
  handlebars!
  rspec (>= 2.0.0)
