PATH
  remote: .
  specs:
    handlebars (0.0.2)
      multi_json
      therubyrhino
      yajl-ruby (~> 0.7.8)

GEM
  remote: http://rubygems.org/
  specs:
    diff-lcs (1.1.2)
    multi_json (1.0.3)
    rspec (2.0.1)
      rspec-core (~> 2.0.1)
      rspec-expectations (~> 2.0.1)
      rspec-mocks (~> 2.0.1)
    rspec-core (2.0.1)
    rspec-expectations (2.0.1)
      diff-lcs (>= 1.1.2)
    rspec-mocks (2.0.1)
      rspec-core (~> 2.0.1)
      rspec-expectations (~> 2.0.1)
    therubyrhino (1.72.7)
    yajl-ruby (0.7.9)

PLATFORMS
  ruby

DEPENDENCIES
  handlebars!
  multi_json
  rspec (>= 2.0.0)
  therubyrhino
  yajl-ruby (~> 0.7.8)
